GEM
  remote: https://rubygems.org/
  specs:
    rake (11.3.0)
    sass (3.4.23)
    scss_lint (0.49.0)
      rake (>= 0.9, < 12)
      sass (~> 3.4.20)

PLATFORMS
  ruby

DEPENDENCIES
  scss_lint (= 0.49.0)

BUNDLED WITH
   1.14.6
